GEM
  remote: https://rubygems.org/
  specs:
    haml (3.1.7)

PLATFORMS
  ruby

DEPENDENCIES
  haml
