GEM
  remote: http://rubygems.org/
  specs:
    addressable (2.2.8)
    bcrypt-ruby (3.0.1)
    builder (3.1.4)
    capistrano (2.13.5)
      highline
      net-scp (>= 1.0.0)
      net-sftp (>= 2.0.0)
      net-ssh (>= 2.0.14)
      net-ssh-gateway (>= 1.1.0)
    clamp (0.5.0)
    data_mapper (1.2.0)
      dm-aggregates (~> 1.2.0)
      dm-constraints (~> 1.2.0)
      dm-core (~> 1.2.0)
      dm-migrations (~> 1.2.0)
      dm-serializer (~> 1.2.0)
      dm-timestamps (~> 1.2.0)
      dm-transactions (~> 1.2.0)
      dm-types (~> 1.2.0)
      dm-validations (~> 1.2.0)
    data_objects (0.10.10)
      addressable (~> 2.1)
    dm-aggregates (1.2.0)
      dm-core (~> 1.2.0)
    dm-constraints (1.2.0)
      dm-core (~> 1.2.0)
    dm-core (1.2.0)
      addressable (~> 2.2.6)
    dm-do-adapter (1.2.0)
      data_objects (~> 0.10.6)
      dm-core (~> 1.2.0)
    dm-migrations (1.2.0)
      dm-core (~> 1.2.0)
    dm-serializer (1.2.2)
      dm-core (~> 1.2.0)
      fastercsv (~> 1.5)
      json (~> 1.6)
      json_pure (~> 1.6)
      multi_json (~> 1.0)
    dm-sqlite-adapter (1.2.0)
      dm-do-adapter (~> 1.2.0)
      do_sqlite3 (~> 0.10.6)
    dm-timestamps (1.2.0)
      dm-core (~> 1.2.0)
    dm-transactions (1.2.0)
      dm-core (~> 1.2.0)
    dm-types (1.2.2)
      bcrypt-ruby (~> 3.0)
      dm-core (~> 1.2.0)
      fastercsv (~> 1.5)
      json (~> 1.6)
      multi_json (~> 1.0)
      stringex (~> 1.4)
      uuidtools (~> 2.1)
    dm-validations (1.2.0)
      dm-core (~> 1.2.0)
    do_sqlite3 (0.10.10)
      data_objects (= 0.10.10)
    excon (0.16.10)
    fastercsv (1.5.5)
    ferret (0.11.8.4)
      rake
    fog (1.7.0)
      builder
      excon (~> 0.14)
      formatador (~> 0.2.0)
      mime-types
      multi_json (~> 1.0)
      net-scp (~> 1.0.4)
      net-ssh (>= 2.1.3)
      nokogiri (~> 1.5.0)
      ruby-hmac
    formatador (0.2.4)
    haml (3.1.7)
    highline (1.6.15)
    jruby-pageant (1.1.1)
    json (1.7.5)
    json_pure (1.7.5)
    listen (0.5.3)
    mime-types (1.19)
    multi_json (1.3.7)
    net-scp (1.0.4)
      net-ssh (>= 1.99.1)
    net-sftp (2.0.5)
      net-ssh (>= 2.0.9)
    net-ssh (2.4.0)
      jruby-pageant (>= 1.0.2)
    net-ssh-gateway (1.1.0)
      net-ssh (>= 1.99.1)
    nokogiri (1.5.5)
    open4 (1.3.0)
    rack (1.4.1)
    rack-protection (1.2.0)
      rack
    rake (10.0.0)
    rb-fsevent (0.9.2)
    rerun (0.7.1)
      listen
    rubber (2.1.2)
      capistrano (~> 2.12)
      clamp
      fog (~> 1.6)
      json
      net-ssh (~> 2.4.0)
      open4
      thor
    ruby-hmac (0.4.0)
    sinatra (1.3.3)
      rack (~> 1.3, >= 1.3.6)
      rack-protection (~> 1.2)
      tilt (~> 1.3, >= 1.3.3)
    sqlite3 (1.3.6)
    stringex (1.4.0)
    thor (0.16.0)
    tilt (1.3.3)
    uuidtools (2.1.3)

PLATFORMS
  ruby

DEPENDENCIES
  data_mapper
  dm-sqlite-adapter
  ferret
  haml
  open4
  rb-fsevent (~> 0.9.1)
  rerun
  rubber
  sinatra
  sqlite3
